GEM
  remote: https://rubygems.org/
  specs:
    awesome_print (1.6.1)
    backports (3.6.7)
    daybreak (0.3.0)
    domain_name (0.5.25)
      unf (>= 0.0.5, < 1.0.0)
    http-cookie (1.0.2)
      domain_name (~> 0.5)
    mime-types (2.99)
    multi_json (1.11.2)
    netrc (0.11.0)
    nokogiri (1.5.6)
    rack (1.6.4)
    rack-protection (1.5.3)
      rack
    rack-test (0.6.3)
      rack (>= 1.0)
    rest-client (1.8.0)
      http-cookie (>= 1.0.2, < 2.0)
      mime-types (>= 1.16, < 3.0)
      netrc (~> 0.7)
    sinatra (1.4.6)
      rack (~> 1.4)
      rack-protection (~> 1.4)
      tilt (>= 1.3, < 3)
    sinatra-contrib (1.4.6)
      backports (>= 2.0)
      multi_json
      rack-protection
      rack-test
      sinatra (~> 1.4.0)
      tilt (>= 1.3, < 3)
    tilt (2.0.1)
    unf (0.1.4)
      unf_ext
    unf_ext (0.0.7.1)
    victor_ops-client (0.3.0)
      awesome_print (~> 1.6, >= 1.6.1)
      daybreak (~> 0.3, >= 0.3.0)
      rest-client (~> 1.8, >= 1.8.0)

PLATFORMS
  ruby

DEPENDENCIES
  nokogiri
  sinatra
  sinatra-contrib
  victor_ops-client

BUNDLED WITH
   1.10.6
